GEM
  remote: http://rubygems.org/
  specs:
    coffee-script (2.2.0)
      coffee-script-source
      execjs
    coffee-script-source (1.1.3)
    execjs (1.2.9)
      multi_json (~> 1.0)
    jasmine-core (1.2.0.rc1)
    jasmine-headless-webkit (0.7.3.2)
      coffee-script (>= 2.2)
      jasmine-core (~> 1.1.beta)
      multi_json
      rainbow
    multi_json (1.0.3)
    rainbow (1.1.2)

PLATFORMS
  ruby

DEPENDENCIES
  jasmine-headless-webkit
